GEM
  remote: http://rubygems.org/
  specs:
    activesupport (3.1.0)
      multi_json (~> 1.0)
    addressable (2.2.6)
    chunky_png (1.2.4)
    compass (0.11.5)
      chunky_png (~> 1.2)
      fssm (>= 0.2.7)
      sass (~> 3.1)
    dalli (1.1.1)
    diff-lcs (1.1.3)
    foreman (0.22.0)
      term-ansicolor (~> 1.0.5)
      thor (>= 0.13.6)
    fssm (0.2.7)
    grit (2.4.1)
      diff-lcs (~> 1.1)
      mime-types (~> 1.15)
    haml (3.1.3)
    heroku (2.8.0)
      launchy (>= 0.3.2)
      rest-client (~> 1.6.1)
      rubyzip
      term-ansicolor (~> 1.0.5)
    http_router (0.10.2)
      rack (>= 1.0.0)
      url_mount (~> 0.2.1)
    i18n (0.6.0)
    launchy (2.0.5)
      addressable (~> 2.2.6)
    mail (2.3.0)
      i18n (>= 0.4.0)
      mime-types (~> 1.16)
      treetop (~> 1.4.8)
    mime-types (1.16)
    multi_json (1.0.3)
    newrelic_rpm (3.1.1)
    padrino (0.10.2)
      padrino-admin (= 0.10.2)
      padrino-cache (= 0.10.2)
      padrino-core (= 0.10.2)
      padrino-gen (= 0.10.2)
      padrino-helpers (= 0.10.2)
      padrino-mailer (= 0.10.2)
    padrino-admin (0.10.2)
      padrino-core (= 0.10.2)
      padrino-helpers (= 0.10.2)
    padrino-cache (0.10.2)
      padrino-core (= 0.10.2)
    padrino-core (0.10.2)
      activesupport (~> 3.1.0)
      http_router (~> 0.10.2)
      sinatra (~> 1.2.6)
      thor (~> 0.14.3)
      tilt (~> 1.3.0)
    padrino-gen (0.10.2)
      bundler (~> 1.0)
      grit (~> 2.4.1)
      padrino-core (= 0.10.2)
    padrino-helpers (0.10.2)
      i18n (~> 0.6)
      padrino-core (= 0.10.2)
    padrino-mailer (0.10.2)
      mail (~> 2.3.0)
      padrino-core (= 0.10.2)
    polyglot (0.3.2)
    rack (1.3.3)
    rack-flash (0.1.2)
      rack
    rack-google-analytics (0.9.2)
    rack-test (0.6.1)
      rack (>= 1.0)
    rake (0.9.2)
    rest-client (1.6.7)
      mime-types (>= 1.16)
    rspec (2.6.0)
      rspec-core (~> 2.6.0)
      rspec-expectations (~> 2.6.0)
      rspec-mocks (~> 2.6.0)
    rspec-core (2.6.4)
    rspec-expectations (2.6.0)
      diff-lcs (~> 1.1.2)
    rspec-mocks (2.6.0)
    rubyzip (0.9.4)
    sass (3.1.7)
    sinatra (1.2.6)
      rack (~> 1.1)
      tilt (>= 1.2.2, < 2.0)
    term-ansicolor (1.0.6)
    thor (0.14.6)
    tilt (1.3.3)
    treetop (1.4.10)
      polyglot
      polyglot (>= 0.3.1)
    url_mount (0.2.1)
      rack

PLATFORMS
  ruby

DEPENDENCIES
  compass
  dalli
  foreman
  haml
  heroku
  newrelic_rpm
  padrino (= 0.10.2)
  rack-flash
  rack-google-analytics
  rack-test
  rake
  rspec
